GEM
  remote: https://rubygems.org/
  specs:
    celluloid (0.17.0)
      bundler
      celluloid-essentials
      celluloid-extras
      celluloid-fsm
      celluloid-pool
      celluloid-supervision
      dotenv
      nenv
      rspec-logsplit (>= 0.1.2)
      timers (~> 4.0.0)
    celluloid-essentials (0.20.2)
      bundler
      dotenv
      nenv
      rspec-logsplit (>= 0.1.2)
      timers (~> 4.0.0)
    celluloid-extras (0.20.0)
      bundler
      dotenv
      nenv
      rspec-logsplit (>= 0.1.2)
      timers (~> 4.0.0)
    celluloid-fsm (0.20.0)
      bundler
      dotenv
      nenv
      rspec-logsplit (>= 0.1.2)
      timers (~> 4.0.0)
    celluloid-pool (0.20.0)
      bundler
      dotenv
      nenv
      rspec-logsplit (>= 0.1.2)
      timers (~> 4.0.0)
    celluloid-supervision (0.20.1)
      bundler
      dotenv
      nenv
      rspec-logsplit (>= 0.1.2)
      timers (~> 4.0.0)
    dotenv (2.7.6)
    hitimes (2.0.0)
    nenv (0.3.0)
    rspec-logsplit (0.1.3)
    therubyracer (0.12.1)
    timers (4.0.4)
      hitimes

PLATFORMS
  ruby

DEPENDENCIES
  celluloid (= 0.17.0)

BUNDLED WITH
   2.1.4
